GEM
  remote: https://rubygems.org/
  specs:
    rake (13.0.1)
    rufo (0.11.0)

PLATFORMS
  ruby

DEPENDENCIES
  rake
  rufo

BUNDLED WITH
   1.17.3
